GEM
  remote: https://rubygems.org/
  specs:
    benchmark-memory (0.2.0)
      memory_profiler (~> 1)
    memory_profiler (1.0.1)
    mini_portile2 (2.8.0)
    nokogiri (1.13.9)
      mini_portile2 (~> 2.8.0)
      racc (~> 1.4)
    racc (1.6.0)
    roo (2.8.3)
      nokogiri (~> 1)
      rubyzip (>= 1.3.0, < 3.0.0)
    rubyzip (2.3.2)
    simple_xlsx_reader (2.0.0)
      nokogiri
      rubyzip

PLATFORMS
  ruby

DEPENDENCIES
  benchmark-memory
  roo (~> 2.8.3)
  simple_xlsx_reader

RUBY VERSION
   ruby 2.7.1p83

BUNDLED WITH
   2.1.4
